GEM
  remote: http://rubygems.org/
  specs:
    hugs (2.3.0)
      multipart-post (~> 1.0.1)
      net-http-persistent (~> 1.4.1)
      nokogiri (~> 1.4.4)
      yajl-ruby (~> 0.7.8)
    multipart-post (1.0.1)
    nagios-probe (0.1.2)
    net-http-persistent (1.4.1)
    nokogiri (1.4.7)
    occi (1.2.1)
      hugs (~> 2.3.0)
      multipart-post (~> 1.0.1)
      nokogiri (~> 1.4.4)
    yajl-ruby (0.7.9)

PLATFORMS
  ruby

DEPENDENCIES
  nagios-probe
  occi
